GEM
  remote: http://rubygems.org/
  specs:
    acl9 (0.12.0)
    actionmailer (3.2.1)
      actionpack (= 3.2.1)
      mail (~> 2.3.0)
    actionpack (3.2.1)
      activemodel (= 3.2.1)
      activesupport (= 3.2.1)
      builder (~> 3.0.0)
      erubis (~> 2.7.0)
      i18n (~> 0.6.0)
      rack (~> 1.3.2)
      rack-cache (~> 1.1)
      rack-mount (~> 0.8.2)
      rack-test (~> 0.6.1)
      sprockets (~> 2.3.1)
      tzinfo (~> 0.3.23)
    activemodel (3.2.1)
      activesupport (= 3.2.1)
      builder (~> 3.0.0)
    activerecord (3.2.1)
      activemodel (= 3.2.1)
      activesupport (= 3.2.1)
      arel (~> 3.0.0)
      tzinfo (~> 0.3.29)
    activeresource (3.2.1)
      activemodel (= 3.2.1)
      activesupport (= 3.2.1)
    activesupport (3.2.1)
      i18n (~> 0.6)
      multi_json (~> 1.0)
    addressable (2.2.6)
    ancestry (1.3.0)
      activerecord (>= 2.3.14)
    annotate (2.4.0)
    arel (3.0.2)
    assert_difference (0.4.0)
    authlogic (3.1.3)
      activerecord (>= 3.0.0)
      activesupport (>= 3.0.0)
    authlogic-oid (1.0.4)
      authlogic
    auxiliary_addons (0.5.5)
    babosa (0.3.8)
    builder (3.0.0)
    capistrano (2.9.0)
      highline
      net-scp (>= 1.0.0)
      net-sftp (>= 2.0.0)
      net-ssh (>= 2.0.14)
      net-ssh-gateway (>= 1.1.0)
    capistrano-ext (1.2.1)
      capistrano (>= 1.0.0)
    capybara (1.1.2)
      mime-types (>= 1.16)
      nokogiri (>= 1.3.3)
      rack (>= 1.0.0)
      rack-test (>= 0.5.4)
      selenium-webdriver (~> 2.0)
      xpath (~> 0.1.4)
    carrierwave (0.5.8)
      activesupport (~> 3.0)
    childprocess (0.3.2)
      ffi (~> 1.0.6)
    clockworkd (0.2.5)
      tzinfo (>= 0.3.23)
    cocaine (0.2.1)
    coffee-rails (3.2.2)
      coffee-script (>= 2.2.0)
      railties (~> 3.2.0)
    coffee-script (2.2.0)
      coffee-script-source
      execjs
    coffee-script-source (1.1.2)
    configuration (1.3.1)
    cucumber (1.2.0)
      builder (>= 2.1.2)
      diff-lcs (>= 1.1.3)
      gherkin (~> 2.10.0)
      json (>= 1.4.6)
    cucumber-rails (1.3.0)
      capybara (>= 1.1.2)
      cucumber (>= 1.1.8)
      nokogiri (>= 1.5.0)
    daemons (1.1.3)
    database_cleaner (0.6.7)
    date_time_picker (0.5.2)
      jquery-rails
      json
    delayed_job (2.1.4)
      activesupport (~> 3.0)
      daemons
    diff-lcs (1.1.3)
    dispatcher (0.0.1)
    dynamic_form (1.1.4)
    erubis (2.7.0)
    eventmachine (1.0.0.beta.3)
    eventmachine (1.0.0.beta.3-x86-mingw32)
    exception_notification (2.5.2)
      actionmailer (>= 3.0.4)
    execjs (1.2.4)
      multi_json (~> 1.0)
    factory_girl (3.3.0)
      activesupport (>= 3.0.0)
    factory_girl_rails (3.3.0)
      factory_girl (~> 3.3.0)
      railties (>= 3.0.0)
    faker (1.0.0)
      i18n (~> 0.4)
    fastercsv (1.5.5)
    ffi (1.0.9)
    ffi (1.0.9-x86-mingw32)
    foreigner (1.1.1)
      activerecord (>= 3.0.0)
    friendly_id (4.0.8)
    gem-release (0.3.1)
    gherkin (2.10.0)
      json (>= 1.4.6)
    gherkin (2.10.0-x86-mingw32)
      json (>= 1.4.6)
    haml (3.1.4)
    highline (1.6.2)
    hike (1.2.1)
    i18n (0.6.0)
    journey (1.0.3)
    jquery-rails (2.0.0)
    json (1.5.4)
    json_pure (1.5.4)
      spruz (~> 0.2.8)
    launchy (2.0.5)
      addressable (~> 2.2.6)
    libv8 (3.3.10.4)
    liquid (2.3.0)
    mail (2.3.0)
      i18n (>= 0.4.0)
      mime-types (~> 1.16)
      treetop (~> 1.4.8)
    mime-types (1.16)
    multi_json (1.0.3)
    mysql2 (0.3.11)
    mysql2 (0.3.11-x86-mingw32)
    net-scp (1.0.4)
      net-ssh (>= 1.99.1)
    net-sftp (2.0.5)
      net-ssh (>= 2.0.9)
    net-ssh (2.2.1)
    net-ssh-gateway (1.1.0)
      net-ssh (>= 1.99.1)
    nokogiri (1.5.0)
    nokogiri (1.5.0-x86-mingw32)
    paperclip (3.0.4)
      activemodel (>= 3.0.0)
      activerecord (>= 3.0.0)
      activesupport (>= 3.0.0)
      cocaine (>= 0.0.2)
      mime-types
    polyglot (0.3.2)
    rack (1.3.5)
    rack-bug (0.3.0)
      rack (>= 1.0)
    rack-cache (1.1)
      rack (>= 0.4)
    rack-mount (0.8.3)
      rack (>= 1.0.0)
    rack-ssl (1.3.2)
      rack
    rack-test (0.6.1)
      rack (>= 1.0)
    rails (3.2.1)
      actionmailer (= 3.2.1)
      actionpack (= 3.2.1)
      activerecord (= 3.2.1)
      activeresource (= 3.2.1)
      activesupport (= 3.2.1)
      bundler (~> 1.0)
      railties (= 3.2.1)
    rails_breadcrumbs (0.5.4)
    railties (3.2.1)
      actionpack (= 3.2.1)
      activesupport (= 3.2.1)
      rack-ssl (~> 1.3.2)
      rake (>= 0.8.7)
      rdoc (~> 3.4)
      thor (~> 0.14.6)
    rake (0.9.2)
    rdoc (3.8)
    riddle (1.5.0)
    rmagick (2.13.1)
    rmagick_captcha (0.6.2)
    rspec (2.10.0)
      rspec-core (~> 2.10.0)
      rspec-expectations (~> 2.10.0)
      rspec-mocks (~> 2.10.0)
    rspec-core (2.10.0)
    rspec-expectations (2.10.0)
      diff-lcs (~> 1.1.3)
    rspec-mocks (2.10.1)
    rspec-rails (2.10.1)
      actionpack (>= 3.0)
      activesupport (>= 3.0)
      railties (>= 3.0)
      rspec (~> 2.10.0)
    ruby-ntlm (0.0.1)
    rubyzip (0.9.4)
    russian (0.6.0)
      i18n (>= 0.5.0)
    sass (3.1.12)
    sass-rails (3.2.4)
      railties (~> 3.2.0)
      sass (>= 3.1.10)
      tilt (~> 1.3)
    selenium-webdriver (2.5.0)
      childprocess (>= 0.2.1)
      ffi (>= 1.0.7)
      json_pure
      rubyzip
    shoulda (3.0.1)
      shoulda-context (~> 1.0.0)
      shoulda-matchers (~> 1.0.0)
    shoulda-context (1.0.0)
    shoulda-matchers (1.0.0)
    simplecov (0.5.4)
      multi_json (~> 1.0.3)
      simplecov-html (~> 0.5.3)
    simplecov-html (0.5.3)
    sitemap_generator (2.2.1)
    sprockets (2.3.1)
      hike (~> 1.2)
      multi_json (~> 1.0)
      rack (~> 1.0)
      tilt (~> 1.1, != 1.3.0)
    spruz (0.2.13)
    sqlite3 (1.3.6)
    sqlite3 (1.3.6-x86-mingw32)
    state_machine (0.8.1)
    themes_for_rails (0.5.0)
      rails (>= 3.0.0)
    therubyracer (0.10.1)
      libv8 (~> 3.3.10)
    thin (1.2.11)
      daemons (>= 1.0.9)
      eventmachine (>= 0.12.6)
      rack (>= 1.0.0)
    thin (1.2.11-x86-mingw32)
      daemons (>= 1.0.9)
      eventmachine (>= 0.12.6)
      rack (>= 1.0.0)
    thinking-sphinx (2.0.11)
      activerecord (>= 3.0.3)
      builder (>= 2.1.2)
      riddle (>= 1.5.0)
    thor (0.14.6)
    tilt (1.3.3)
    tinymce-rails (3.4.9)
      railties (>= 3.1.1)
    tinymce-rails-langs (0.1)
      tinymce-rails (>= 3.4.9)
    treetop (1.4.10)
      polyglot
      polyglot (>= 0.3.1)
    tzinfo (0.3.33)
    uglifier (1.2.3)
      execjs (>= 0.3.0)
      multi_json (>= 1.0.2)
    unicode_utils (1.0.0)
    webrat (0.7.3)
      nokogiri (>= 1.2.0)
      rack (>= 1.0)
      rack-test (>= 0.5.3)
    will_paginate (3.0.2)
    xpath (0.1.4)
      nokogiri (~> 1.3)

PLATFORMS
  ruby
  x86-mingw32

DEPENDENCIES
  acl9 (>= 0.12.0)
  ancestry (>= 1.3.0)
  annotate (>= 2.4.0)
  assert_difference (>= 0.4.0)
  authlogic (>= 3.1.3)
  authlogic-oid (>= 1.0.4)
  auxiliary_addons (>= 0.5.5)
  babosa (>= 0.3.8)
  capistrano (>= 2.9.0)
  capistrano-ext (>= 1.2.1)
  capybara (>= 1.1.2)
  carrierwave (>= 0.5.8)
  clockworkd (>= 0.2.5)
  coffee-rails (>= 3.2.2)
  coffee-script (>= 2.2.0)
  configuration (~> 1.3.1)
  cucumber (>= 1.1.8)
  cucumber-rails (>= 1.3.0)
  daemons (= 1.1.3)
  database_cleaner (>= 0.6.7)
  date_time_picker (= 0.5.2)
  delayed_job (>= 2.1.4)
  dispatcher (= 0.0.1)
  dynamic_form (>= 1.1.4)
  eventmachine (= 1.0.0.beta.3)
  exception_notification (>= 2.5.2)
  execjs (>= 1.2.4)
  factory_girl (>= 3.3.0)
  factory_girl_rails (>= 3.3.0)
  faker (>= 0.3.1)
  fastercsv (>= 1.5.5)
  foreigner (>= 0.9.2)
  friendly_id (>= 4.0.8)
  gem-release (>= 0.3.1)
  gherkin (>= 2.10.0)
  haml (>= 3.1.4)
  i18n (>= 0.6.0)
  journey (>= 1.0.3)
  jquery-rails (>= 2.0.0)
  launchy (>= 0.4.0)
  liquid (>= 2.3.0)
  multi_json (>= 1.0.3)
  mysql2 (= 0.3.11)
  nokogiri (>= 1.4.5)
  paperclip (>= 3.0.4)
  rack (>= 1.3.5)
  rack-bug (>= 0.3.0)
  rails (= 3.2.1)
  rails_breadcrumbs (>= 0.5.4)
  railties (= 3.2.1)
  rake (>= 0.9.2)
  rmagick (>= 2.13.1)
  rmagick_captcha (>= 0.6.2)
  rspec (>= 2.10.0)
  rspec-rails (>= 2.10.1)
  ruby-ntlm (>= 0.0.1)
  russian (>= 0.6.0)
  sass (>= 3.1.12)
  sass-rails (>= 3.2.4)
  shoulda (>= 3.0.1)
  simplecov (>= 0.5.4)
  sitemap_generator (>= 2.2.1)
  sprockets (>= 2.3.1)
  sqlite3 (>= 1.3.6)
  state_machine (= 0.8.1)
  themes_for_rails (>= 0.5.0)
  therubyracer (>= 0.9.4)
  thin (= 1.2.11)
  thinking-sphinx (>= 2.0.11)
  tinymce-rails (>= 3.4.9)
  tinymce-rails-langs (>= 0.1)
  uglifier (>= 1.2.3)
  unicode_utils (>= 1.0.0)
  webrat (>= 0.7.3)
  will_paginate (>= 3.0.2)
